PATH
  remote: .
  specs:
    hakobus_notifier (0.0.1)
      anemone
      nokogiri
      terminal-notifier
      thor

GEM
  remote: https://rubygems.org/
  specs:
    anemone (0.7.2)
      nokogiri (>= 1.3.0)
      robotex (>= 1.0.0)
    mini_portile (0.6.2)
    nokogiri (1.6.6.2)
      mini_portile (~> 0.6.0)
    robotex (1.0.0)
    terminal-notifier (1.6.3)
    thor (0.19.1)

PLATFORMS
  ruby

DEPENDENCIES
  hakobus_notifier!

BUNDLED WITH
   1.10.3
